GIT
  remote: https://github.com/zena/rubyless.git
  revision: e52f307835d022013612cc7de00bbe320fba193d
  branch: 2.2.1
  specs:
    rubyless (0.9.0)
      ruby_parser (~> 2.3.1)
      sexp_processor (>= 3.0.1)

GIT
  remote: https://github.com/zena/yamltest.git
  revision: 5b1e20406376634ac4f8c38d7df42e9f45fd3da7
  branch: 2.2.1
  specs:
    yamltest (0.9.0)

GEM
  remote: https://rubygems.org/
  specs:
    activerecord (2.3.18)
      activesupport (= 2.3.18)
    activesupport (2.3.18)
    coderay (1.1.1)
    iconv (1.0.4)
    json (1.8.3)
    method_source (0.8.2)
    power_assert (0.3.1)
    pry (0.10.4)
      coderay (~> 1.1.0)
      method_source (~> 0.8.1)
      slop (~> 3.4)
    rake (10.4.2)
    rdoc (3.12)
      json (~> 1.4)
    ruby_parser (2.3.1)
      sexp_processor (~> 3.0)
    sexp_processor (3.2.0)
    shoulda (2.10.3)
    slop (3.6.0)
    sqlite3 (1.3.11)
    syck (1.2.0)
    test-unit (3.1.8)
      power_assert
    yajl-ruby (1.3.0)

PLATFORMS
  ruby

DEPENDENCIES
  activerecord (= 2.3.18)
  activesupport (= 2.3.18)
  iconv
  pry
  rake (= 10.4.2)
  rdoc (= 3.12)
  rubyless (= 0.9.0)!
  shoulda (= 2.10.3)
  sqlite3 (= 1.3.11)
  syck
  test-unit (= 3.1.8)
  yajl-ruby
  yamltest (= 0.9.0)!

BUNDLED WITH
   1.13.6
